GEM
  remote: http://rubygems.org/
  specs:
    activemodel (4.0.0)
      activesupport (= 4.0.0)
      builder (~> 3.1.0)
    activerecord (4.0.0)
      activemodel (= 4.0.0)
      activerecord-deprecated_finders (~> 1.0.2)
      activesupport (= 4.0.0)
      arel (~> 4.0.0)
    activerecord-deprecated_finders (1.0.3)
    activesupport (4.0.0)
      i18n (~> 0.6, >= 0.6.4)
      minitest (~> 4.2)
      multi_json (~> 1.3)
      thread_safe (~> 0.1)
      tzinfo (~> 0.3.37)
    addressable (2.3.5)
    arel (4.0.0)
    atomic (1.1.12)
    builder (3.1.4)
    chronic (0.9.1)
    faraday (0.8.8)
      multipart-post (~> 1.2.0)
    github_api (0.10.2)
      addressable
      faraday (~> 0.8.7)
      hashie (>= 1.2)
      multi_json (~> 1.4)
      nokogiri (~> 1.6.0)
      oauth2
    hashie (2.0.5)
    httpauth (0.2.0)
    i18n (0.6.4)
    jwt (0.1.8)
      multi_json (>= 1.5)
    mini_portile (0.5.1)
    minitest (4.7.5)
    multi_json (1.7.9)
    multi_xml (0.5.5)
    multipart-post (1.2.0)
    nokogiri (1.6.0)
      mini_portile (~> 0.5.0)
    oauth2 (0.9.2)
      faraday (~> 0.8)
      httpauth (~> 0.2)
      jwt (~> 0.1.4)
      multi_json (~> 1.0)
      multi_xml (~> 0.5)
      rack (~> 1.2)
    rack (1.5.2)
    rack-protection (1.5.0)
      rack
    rake (10.1.0)
    rb-appscript (0.6.1)
    sinatra (1.4.3)
      rack (~> 1.4)
      rack-protection (~> 1.4)
      tilt (~> 1.3, >= 1.3.4)
    sinatra-activerecord (1.2.3)
      activerecord (>= 3.0)
      sinatra (~> 1.0)
    sqlite3 (1.3.7)
    thread_safe (0.1.2)
      atomic
    tilt (1.4.1)
    twilio-ruby (3.10.1)
      builder (>= 2.1.2)
      jwt (>= 0.1.2)
      multi_json (>= 1.3.0)
    tzinfo (0.3.37)

PLATFORMS
  ruby

DEPENDENCIES
  activerecord
  chronic
  github_api
  rake
  rb-appscript
  sinatra
  sinatra-activerecord
  sqlite3
  twilio-ruby
